GEM
  remote: https://rubygems.org/
  specs:
    coderay (1.1.2)
    method_source (0.9.2)
    mini_portile2 (2.4.0)
    nokogiri (1.10.3)
      mini_portile2 (~> 2.4.0)
    pry (0.12.2)
      coderay (~> 1.1.0)
      method_source (~> 0.9.0)
    ruby-graphviz (1.2.4)

PLATFORMS
  ruby

DEPENDENCIES
  nokogiri
  pry
  ruby-graphviz

RUBY VERSION
   ruby 2.6.3p62

BUNDLED WITH
   2.0.2
